GEM
  remote: http://rubygems.org/
  specs:
    abstract (1.0.0)
    actionmailer (3.0.7)
      actionpack (= 3.0.7)
      mail (~> 2.2.15)
    actionpack (3.0.7)
      activemodel (= 3.0.7)
      activesupport (= 3.0.7)
      builder (~> 2.1.2)
      erubis (~> 2.6.6)
      i18n (~> 0.5.0)
      rack (~> 1.2.1)
      rack-mount (~> 0.6.14)
      rack-test (~> 0.5.7)
      tzinfo (~> 0.3.23)
    activemodel (3.0.7)
      activesupport (= 3.0.7)
      builder (~> 2.1.2)
      i18n (~> 0.5.0)
    activerecord (3.0.7)
      activemodel (= 3.0.7)
      activesupport (= 3.0.7)
      arel (~> 2.0.2)
      tzinfo (~> 0.3.23)
    activeresource (3.0.7)
      activemodel (= 3.0.7)
      activesupport (= 3.0.7)
    activesupport (3.0.7)
    arel (2.0.10)
    aws-s3 (0.6.2)
      builder
      mime-types
      xml-simple
    bcrypt-ruby (2.1.4)
    builder (2.1.2)
    cocaine (0.2.0)
    devise (1.3.4)
      bcrypt-ruby (~> 2.1.2)
      orm_adapter (~> 0.0.3)
      warden (~> 1.0.3)
    easy_dates (0.1.1)
    erubis (2.6.6)
      abstract (>= 1.0.0)
    event-calendar (2.3.3)
    exception_notification (2.5.2)
      actionmailer (>= 3.0.4)
    haml (3.1.2)
    haml-rails (0.3.4)
      actionpack (~> 3.0)
      activesupport (~> 3.0)
      haml (~> 3.0)
      railties (~> 3.0)
    has_scope (0.5.1)
    i18n (0.5.0)
    inherited_resources (1.2.2)
      has_scope (~> 0.5.0)
      responders (~> 0.6.0)
    jquery-rails (1.0.9)
      railties (~> 3.0)
      thor (~> 0.14)
    kaminari (0.10.4)
      rails (>= 3.0.0)
    mail (2.2.19)
      activesupport (>= 2.3.6)
      i18n (>= 0.4.0)
      mime-types (~> 1.16)
      treetop (~> 1.4.8)
    mime-types (1.16)
    nifty-generators (0.4.6)
    orm_adapter (0.0.5)
    paperclip (2.3.16)
      activerecord (>= 2.3.0)
      activesupport (>= 2.3.2)
      cocaine (>= 0.0.2)
      mime-types
    pg (0.11.0)
    polyglot (0.3.2)
    rack (1.2.3)
    rack-mount (0.6.14)
      rack (>= 1.0.0)
    rack-test (0.5.7)
      rack (>= 1.0)
    rails (3.0.7)
      actionmailer (= 3.0.7)
      actionpack (= 3.0.7)
      activerecord (= 3.0.7)
      activeresource (= 3.0.7)
      activesupport (= 3.0.7)
      bundler (~> 1.0)
      railties (= 3.0.7)
    railties (3.0.7)
      actionpack (= 3.0.7)
      activesupport (= 3.0.7)
      rake (>= 0.8.7)
      thor (~> 0.14.4)
    rake (0.9.2)
    responders (0.6.4)
    sass (3.1.2)
    simple_form (1.4.1)
    sqlite3 (1.3.3)
    thor (0.14.6)
    tiny_mce (0.1.4)
    treetop (1.4.10)
      polyglot
      polyglot (>= 0.3.1)
    tzinfo (0.3.29)
    warden (1.0.4)
      rack (>= 1.0)
    xml-simple (1.1.0)

PLATFORMS
  ruby

DEPENDENCIES
  aws-s3
  devise
  easy_dates
  event-calendar
  exception_notification
  haml (>= 3.0.0)
  haml-rails
  has_scope
  inherited_resources
  jquery-rails
  kaminari
  nifty-generators
  paperclip
  pg
  rails (= 3.0.7)
  sass
  simple_form
  sqlite3
  tiny_mce
